GEM
  remote: https://ruby.taobao.org/
  specs:
    mini_portile2 (2.1.0)
    nokogiri (1.6.8)
      mini_portile2 (~> 2.1.0)
      pkg-config (~> 1.1.7)
    pkg-config (1.1.7)
    spidr (0.6.0)
      nokogiri (~> 1.3)

PLATFORMS
  ruby

DEPENDENCIES
  spidr (= 0.6.0)

BUNDLED WITH
   1.12.5
